PATH
  remote: .
  specs:
    cards_generator (0.1.0)
      cairo
      fontdock (>= 0.0.2)

GEM
  remote: https://rubygems.org/
  specs:
    cairo (1.17.13)
      native-package-installer (>= 1.0.3)
      pkg-config (>= 1.2.2)
      red-colors
    cairo-gobject (4.2.0)
      cairo (>= 1.16.2)
      glib2 (= 4.2.0)
    fontdock (0.0.2)
      pango
      thor
    glib2 (4.2.0)
      native-package-installer (>= 1.0.3)
      pkg-config (>= 1.3.5)
    gobject-introspection (4.2.0)
      glib2 (= 4.2.0)
    matrix (0.4.2)
    native-package-installer (1.1.9)
    pango (4.2.0)
      cairo-gobject (= 4.2.0)
      gobject-introspection (= 4.2.0)
    pkg-config (1.5.6)
    power_assert (2.0.3)
    rake (13.1.0)
    red-colors (0.3.0)
      matrix
    test-unit (3.6.1)
      power_assert
    thor (1.3.0)

PLATFORMS
  arm64-darwin-23
  ruby

DEPENDENCIES
  cards_generator!
  rake (~> 13.0)
  test-unit (~> 3.0)

BUNDLED WITH
   2.5.3
